GEM
  remote: https://rubygems.org/
  specs:
    json (2.3.0)
    paypal-sdk-rest (1.7.4)

PLATFORMS
  ruby

DEPENDENCIES
  json (= 2.3.0)
  paypal-sdk-rest (= 1.7.4)

BUNDLED WITH
   1.17.3
